GEM
  remote: https://rubygems.org/
  specs:
    byebug (11.1.3)
    date (3.3.3)
    diff-lcs (1.5.0)
    rspec (3.6.0)
      rspec-core (~> 3.6.0)
      rspec-expectations (~> 3.6.0)
      rspec-mocks (~> 3.6.0)
    rspec-core (3.6.0)
      rspec-support (~> 3.6.0)
    rspec-expectations (3.6.0)
      diff-lcs (>= 1.2.0, < 2.0)
      rspec-support (~> 3.6.0)
    rspec-mocks (3.6.0)
      diff-lcs (>= 1.2.0, < 2.0)
      rspec-support (~> 3.6.0)
    rspec-support (3.6.0)
    time (0.2.1)
      date

PLATFORMS
  arm64-darwin-21

DEPENDENCIES
  byebug
  rspec (= 3.6.0)
  time (~> 0.2.1)

BUNDLED WITH
   2.4.2
